GEM
  remote: http://rubygems.org/
  remote: http://gems.github.com/
  specs:
    ZenTest (4.1.4)
    actionmailer (2.3.11)
      actionpack (= 2.3.11)
    actionpack (2.3.11)
      activesupport (= 2.3.11)
      rack (~> 1.1.0)
    activerecord (2.3.11)
      activesupport (= 2.3.11)
    activeresource (2.3.11)
      activesupport (= 2.3.11)
    activesupport (2.3.11)
    autotest-rails (4.1.0)
      ZenTest
    haml (2.2.14)
    mime-types (1.16)
    pg (0.8.0)
    rack (1.1.2)
    rails (2.3.11)
      actionmailer (= 2.3.11)
      actionpack (= 2.3.11)
      activerecord (= 2.3.11)
      activeresource (= 2.3.11)
      activesupport (= 2.3.11)
      rake (>= 0.8.3)
    rake (0.8.7)
    rspec (1.2.9)
    rspec-rails (1.2.9)
      rack (>= 1.0.0)
      rspec (>= 1.2.9)
    thoughtbot-shoulda (2.10.2)

PLATFORMS
  ruby

DEPENDENCIES
  ZenTest (= 4.1.4)
  autotest-rails (= 4.1.0)
  haml (= 2.2.14)
  mime-types (= 1.16)
  pg (= 0.8.0)
  rails (= 2.3.11)
  rake (= 0.8.7)
  rspec (= 1.2.9)
  rspec-rails (= 1.2.9)
  thoughtbot-shoulda (= 2.10.2)
